PATH
  remote: .
  specs:
    sentiment_analysis (0.0.2)
      httparty

GEM
  remote: http://rubygems.org/
  specs:
    fakeweb (1.3.0)
    httparty (0.13.1)
      json (~> 1.8)
      multi_xml (>= 0.5.2)
    json (1.8.1)
    multi_xml (0.5.5)
    rake (0.9.2)
    rdoc (3.9.4)
    rspec (1.3.2)
    vcr (1.11.3)

PLATFORMS
  ruby

DEPENDENCIES
  fakeweb
  rake
  rdoc
  rspec (= 1.3.2)
  sentiment_analysis!
  vcr
